PATH
  remote: .
  specs:
    asin (1.2.0)
      confiture (>= 0.1)
      crack (>= 0.3)
      hashie (>= 1.1)
      httpi (>= 0.9)
      rash (>= 0.4)

GEM
  remote: http://rubygems.org/
  specs:
    addressable (2.3.2)
    binding_of_caller (0.7.2)
      debug_inspector (>= 0.0.1)
    bond (0.5.1)
    bond (0.5.1-java)
    coderay (1.1.0)
    colorize (0.5.8)
    columnize (0.3.6)
    confiture (0.1.4)
    coveralls (0.6.7)
      colorize
      multi_json (~> 1.3)
      rest-client
      simplecov (>= 0.7)
      thor
    crack (0.3.1)
    debug_inspector (0.0.2)
    debugger (1.6.6)
      columnize (>= 0.3.1)
      debugger-linecache (~> 1.2.0)
      debugger-ruby_core_source (~> 1.3.2)
    debugger-linecache (1.2.0)
    debugger-ruby_core_source (1.3.2)
    diff-lcs (1.1.3)
    ffi (1.9.3-java)
    hashie (2.0.5)
    httpclient (2.3.0.1)
    httpi (2.1.0)
      rack
      rubyntlm (~> 0.3.2)
    interception (0.5)
    jist (1.5.1)
      json
    json (1.8.1)
    json (1.8.1-java)
    method_source (0.8.2)
    mime-types (1.23)
    multi_json (1.7.6)
    pry (0.9.12.6)
      coderay (~> 1.0)
      method_source (~> 0.8)
      slop (~> 3.4)
    pry (0.9.12.6-java)
      coderay (~> 1.0)
      method_source (~> 0.8)
      slop (~> 3.4)
      spoon (~> 0.0)
    pry-debugger (0.2.2)
      debugger (~> 1.3)
      pry (~> 0.9.10)
    pry-doc (0.6.0)
      pry (~> 0.9)
      yard (~> 0.8)
    pry-docmore (0.1.1)
      pry
      pry-doc
    pry-plus (1.0.0)
      bond
      jist
      pry-debugger
      pry-doc
      pry-docmore
      pry-rescue
      pry-stack_explorer
    pry-rescue (1.4.0)
      interception (>= 0.4)
      pry
    pry-stack_explorer (0.4.9.1)
      binding_of_caller (>= 0.7)
      pry (>= 0.9.11)
    rack (1.5.2)
    rake (0.9.2.2)
    rash (0.4.0)
      hashie (~> 2.0.0)
    rest-client (1.6.7)
      mime-types (>= 1.16)
    rspec (2.11.0)
      rspec-core (~> 2.11.0)
      rspec-expectations (~> 2.11.0)
      rspec-mocks (~> 2.11.0)
    rspec-core (2.11.1)
    rspec-expectations (2.11.3)
      diff-lcs (~> 1.1.3)
    rspec-mocks (2.11.3)
    rubyntlm (0.3.4)
    simplecov (0.7.1)
      multi_json (~> 1.0)
      simplecov-html (~> 0.7.1)
    simplecov-html (0.7.1)
    slop (3.5.0)
    spoon (0.0.4)
      ffi
    thor (0.18.1)
    vcr (2.2.5)
    webmock (1.8.11)
      addressable (>= 2.2.7)
      crack (>= 0.1.7)
    yard (0.8.7.3)

PLATFORMS
  java
  ruby

DEPENDENCIES
  asin!
  coveralls
  httpclient (>= 2.2.3)
  pry-plus
  rake (~> 0.9.2.2)
  rspec (~> 2.11.0)
  vcr (~> 2.2.5)
  webmock (~> 1.8.7)
