PATH
  remote: .
  specs:
    asin (0.0.8)
      crack (~> 0.1.7)
      hashie (~> 0.2.1)
      httpclient (~> 2.1.5.2)

GEM
  remote: http://rubygems.org/
  specs:
    crack (0.1.8)
    hashie (0.2.2)
    httpclient (2.1.5.2)

PLATFORMS
  ruby

DEPENDENCIES
  asin!
  crack (~> 0.1.7)
  hashie (~> 0.2.1)
  httpclient (~> 2.1.5.2)
