PATH
  remote: .
  specs:
    asin (0.4.0)
      crack (~> 0.1.8)
      hashie (~> 1.0.0)
      httpi (~> 0.9.2)

GEM
  remote: http://rubygems.org/
  specs:
    chalofa_ruby-progressbar (0.0.9.1)
    crack (0.1.8)
    diff-lcs (1.1.2)
    fuubar (0.0.4)
      chalofa_ruby-progressbar (~> 0.0.9)
      rspec (~> 2.0)
      rspec-instafail (~> 0.1.4)
    hashie (1.0.0)
    httpclient (2.2.0.2)
    httpi (0.9.4)
      pyu-ntlm-http (>= 0.1.3.1)
      rack
    pyu-ntlm-http (0.1.3.1)
    rack (1.2.2)
    rspec (2.6.0)
      rspec-core (~> 2.6.0)
      rspec-expectations (~> 2.6.0)
      rspec-mocks (~> 2.6.0)
    rspec-core (2.6.1)
    rspec-expectations (2.6.0)
      diff-lcs (~> 1.1.2)
    rspec-instafail (0.1.7)
    rspec-mocks (2.6.0)

PLATFORMS
  ruby

DEPENDENCIES
  asin!
  fuubar (~> 0.0.4)
  httpclient (~> 2.2.0.2)
  rspec (~> 2.6.0)
